GEM
  remote: http://rubygems.org/
  specs:
    ruby-libvirt (0.4.0)
    thor (0.16.0)

PLATFORMS
  ruby

DEPENDENCIES
  ruby-libvirt (~> 0.4.0)
  thor (~> 0.16.0)
